PATH
  remote: .
  specs:
    humboldt (1.1.1-java)
      aws-sdk-v1 (>= 1.44.0)
      rubydoop (= 2.0.0.pre1)
      thor

GEM
  remote: https://rubygems.org/
  specs:
    aws-sdk-v1 (1.65.0)
      json (~> 1.4)
      nokogiri (>= 1.4.4)
    builder (3.1.4)
    coderay (1.0.7)
    diff-lcs (1.1.3)
    geminabox (0.8.0)
      builder
      httpclient
      sinatra
    httpclient (2.3.0.1)
    json (1.8.3-java)
    maruku (0.7.2)
    method_source (0.8)
    msgpack-jruby (1.3.0-java)
    nokogiri (1.6.6.2-java)
    pry (0.9.10-java)
      coderay (~> 1.0.5)
      method_source (~> 0.8)
      slop (~> 3.3.1)
      spoon (~> 0.0)
    puck (1.2.3-java)
    rack (1.4.1)
    rack-protection (1.2.0)
      rack
    rake (10.1.1)
    rspec (2.11.0)
      rspec-core (~> 2.11.0)
      rspec-expectations (~> 2.11.0)
      rspec-mocks (~> 2.11.0)
    rspec-core (2.11.1)
    rspec-expectations (2.11.3)
      diff-lcs (~> 1.1.3)
    rspec-mocks (2.11.3)
    rubydoop (2.0.0.pre1-java)
      puck (~> 1.2)
    sinatra (1.3.3)
      rack (~> 1.3, >= 1.3.6)
      rack-protection (~> 1.2)
      tilt (~> 1.3, >= 1.3.3)
    slop (3.3.3)
    spoon (0.0.1)
    thor (0.19.1)
    tilt (1.3.3)
    yard (0.8.7.6)

PLATFORMS
  java

DEPENDENCIES
  geminabox
  humboldt!
  maruku
  msgpack-jruby
  pry
  rake
  rspec
  yard
