PATH
  remote: .
  specs:
    humboldt (1.0.0-java)
      aws-sdk
      jruby-openssl
      json
      rubydoop
      thor

GEM
  remote: http://rubygems.org/
  specs:
    aws-sdk (1.6.6)
      httparty (~> 0.7)
      json (~> 1.4)
      nokogiri (>= 1.4.4)
      uuidtools (~> 2.1)
    bouncy-castle-java (1.5.0146.1)
    coderay (1.0.7)
    diff-lcs (1.1.3)
    httparty (0.9.0)
      multi_json (~> 1.0)
      multi_xml
    jruby-openssl (0.7.7)
      bouncy-castle-java (>= 1.5.0146.1)
    json (1.7.5-java)
    method_source (0.8)
    multi_json (1.3.6)
    multi_xml (0.5.1)
    nokogiri (1.5.5-java)
    pry (0.9.10-java)
      coderay (~> 1.0.5)
      method_source (~> 0.8)
      slop (~> 3.3.1)
      spoon (~> 0.0)
    rspec (2.11.0)
      rspec-core (~> 2.11.0)
      rspec-expectations (~> 2.11.0)
      rspec-mocks (~> 2.11.0)
    rspec-core (2.11.1)
    rspec-expectations (2.11.3)
      diff-lcs (~> 1.1.3)
    rspec-mocks (2.11.3)
    rubydoop (1.0.0-java)
    slop (3.3.3)
    spoon (0.0.1)
    thor (0.16.0)
    uuidtools (2.1.3)

PLATFORMS
  java

DEPENDENCIES
  humboldt!
  pry
  rspec
