PATH
  remote: .
  specs:
    humboldt (1.0.0-java)
      aws-sdk (>= 1.16.0, < 1.33.0)
      rubydoop (~> 1.1.2)
      thor

GEM
  remote: https://rubygems.org/
  specs:
    aws-sdk (1.32.0)
      json (~> 1.4)
      nokogiri (>= 1.4.4)
      uuidtools (~> 2.1)
    builder (3.1.4)
    coderay (1.0.7)
    diff-lcs (1.1.3)
    geminabox (0.8.0)
      builder
      httpclient
      sinatra
    httpclient (2.3.0.1)
    json (1.8.1-java)
    method_source (0.8)
    msgpack-jruby (1.3.0-java)
    nokogiri (1.6.2.1-java)
    pry (0.9.10-java)
      coderay (~> 1.0.5)
      method_source (~> 0.8)
      slop (~> 3.3.1)
      spoon (~> 0.0)
    rack (1.4.1)
    rack-protection (1.2.0)
      rack
    rake (10.1.1)
    rspec (2.11.0)
      rspec-core (~> 2.11.0)
      rspec-expectations (~> 2.11.0)
      rspec-mocks (~> 2.11.0)
    rspec-core (2.11.1)
    rspec-expectations (2.11.3)
      diff-lcs (~> 1.1.3)
    rspec-mocks (2.11.3)
    rubydoop (1.1.3)
    sinatra (1.3.3)
      rack (~> 1.3, >= 1.3.6)
      rack-protection (~> 1.2)
      tilt (~> 1.3, >= 1.3.3)
    slop (3.3.3)
    spoon (0.0.1)
    thor (0.19.1)
    tilt (1.3.3)
    uuidtools (2.1.4)

PLATFORMS
  java

DEPENDENCIES
  geminabox
  humboldt!
  msgpack-jruby
  pry
  rake
  rspec
