PATH
  remote: .
  specs:
    humboldt (0.4.1-java)
      aws-sdk (~> 1.16.0)
      jruby-openssl
      json
      rubydoop
      thor

GEM
  remote: https://rubygems.org/
  specs:
    aws-sdk (1.16.1)
      json (~> 1.4)
      nokogiri (< 1.6.0)
      uuidtools (~> 2.1)
    bouncy-castle-java (1.5.0147)
    builder (3.1.4)
    coderay (1.0.7)
    diff-lcs (1.1.3)
    geminabox (0.8.0)
      builder
      httpclient
      sinatra
    httpclient (2.3.0.1)
    jruby-openssl (0.9.4)
      bouncy-castle-java (>= 1.5.0147)
    json (1.8.0)
    json (1.8.0-java)
    method_source (0.8)
    msgpack-jruby (1.3.0-java)
    nokogiri (1.5.10)
    nokogiri (1.5.10-java)
    pry (0.9.10)
      coderay (~> 1.0.5)
      method_source (~> 0.8)
      slop (~> 3.3.1)
    pry (0.9.10-java)
      coderay (~> 1.0.5)
      method_source (~> 0.8)
      slop (~> 3.3.1)
      spoon (~> 0.0)
    rack (1.4.1)
    rack-protection (1.2.0)
      rack
    rspec (2.11.0)
      rspec-core (~> 2.11.0)
      rspec-expectations (~> 2.11.0)
      rspec-mocks (~> 2.11.0)
    rspec-core (2.11.1)
    rspec-expectations (2.11.3)
      diff-lcs (~> 1.1.3)
    rspec-mocks (2.11.3)
    rubydoop (1.1.2)
    sinatra (1.3.3)
      rack (~> 1.3, >= 1.3.6)
      rack-protection (~> 1.2)
      tilt (~> 1.3, >= 1.3.3)
    slop (3.3.3)
    spoon (0.0.1)
    thor (0.18.1)
    tilt (1.3.3)
    uuidtools (2.1.4)

PLATFORMS
  java

DEPENDENCIES
  geminabox
  humboldt!
  msgpack-jruby
  pry
  rspec
